PATH
  remote: .
  specs:
    mygem (0.0.1)

GEM
  remote: https://rubygems.org/
  specs:
    mysql2 (0.4.5)
    pg (0.19.0)

PLATFORMS
  ruby

DEPENDENCIES
  mygem!
  mysql2
  pg

BUNDLED WITH
   1.12.5
