PATH
  remote: .
  specs:
    mygem (0.0.1)
      squeel
      validates_email_format_of

GEM
  remote: https://rubygems.org/
  specs:
    activemodel (5.0.1)
      activesupport (= 5.0.1)
    activerecord (5.0.1)
      activemodel (= 5.0.1)
      activesupport (= 5.0.1)
      arel (~> 7.0)
    activesupport (5.0.1)
      concurrent-ruby (~> 1.0, >= 1.0.2)
      i18n (~> 0.7)
      minitest (~> 5.1)
      tzinfo (~> 1.1)
    arel (7.1.4)
    coderay (1.1.1)
    concurrent-ruby (1.0.3)
    factory_girl (4.8.0)
      activesupport (>= 3.0.0)
    ffaker (2.3.0)
    i18n (0.7.0)
    method_source (0.8.2)
    minitest (5.10.1)
    mysql2 (0.4.5)
    pg (0.19.0)
    polyamorous (1.1.0)
      activerecord (>= 3.0)
    pry (0.10.4)
      coderay (~> 1.1.0)
      method_source (~> 0.8.1)
      slop (~> 3.4)
    rake (12.0.0)
    shoulda (3.5.0)
      shoulda-context (~> 1.0, >= 1.0.1)
      shoulda-matchers (>= 1.4.1, < 3.0)
    shoulda-context (1.2.2)
    shoulda-matchers (2.8.0)
      activesupport (>= 3.0.0)
    slop (3.6.0)
    squeel (1.2.3)
      activerecord (>= 3.0)
      activesupport (>= 3.0)
      polyamorous (~> 1.1.0)
    thread_safe (0.3.5)
    tzinfo (1.2.2)
      thread_safe (~> 0.1)
    valid_attribute (2.0.0)
    validates_email_format_of (1.6.3)
      i18n

PLATFORMS
  ruby

DEPENDENCIES
  bundler
  factory_girl
  ffaker
  mygem!
  mysql2
  pg
  pry
  rake
  shoulda
  valid_attribute

BUNDLED WITH
   1.12.5
